PATH
  remote: .
  specs:
    intel (0.0.2)
      bson
      bson_ext
      mongo
      mongo_ext
      mongo_mapper

GEM
  remote: https://rubygems.org/
  specs:
    activemodel (3.2.17)
      activesupport (= 3.2.17)
      builder (~> 3.0.0)
    activesupport (3.2.17)
      i18n (~> 0.6, >= 0.6.4)
      multi_json (~> 1.0)
    bson (1.9.2)
    bson_ext (1.9.2)
      bson (~> 1.9.2)
    builder (3.0.4)
    diff-lcs (1.2.5)
    faker (1.1.2)
      i18n (~> 0.5)
    i18n (0.6.9)
    mongo (1.9.2)
      bson (~> 1.9.2)
    mongo_ext (0.19.3)
    mongo_mapper (0.12.0)
      activemodel (~> 3.0)
      activesupport (~> 3.0)
      plucky (~> 0.5.2)
    multi_json (1.9.0)
    plucky (0.5.2)
      mongo (~> 1.5)
    rspec (2.14.1)
      rspec-core (~> 2.14.0)
      rspec-expectations (~> 2.14.0)
      rspec-mocks (~> 2.14.0)
    rspec-core (2.14.8)
    rspec-expectations (2.14.5)
      diff-lcs (>= 1.1.3, < 2.0)
    rspec-mocks (2.14.6)

PLATFORMS
  ruby

DEPENDENCIES
  faker
  intel!
  rspec
